GEM
  remote: https://rubygems.org/
  specs:
    htmlbeautifier (1.3.1)
    redcarpet (3.4.0)

PLATFORMS
  ruby

DEPENDENCIES
  htmlbeautifier
  redcarpet

BUNDLED WITH
   1.15.0
